GEM
  remote: https://rubygems.org/
  specs:
    midilib (2.0.4)

PLATFORMS
  ruby

DEPENDENCIES
  midilib
